GIT
  remote: https://github.com/greensnark/re2.git
  revision: 7184c40f16d87cb0de6966da687f07db5526325b
  specs:
    re2 (0.6.0.pre)

GEM
  remote: https://rubygems.org/
  specs:
    coderay (1.1.2)
    dbd-pg (0.3.9)
      dbi (>= 0.4.0)
      pg
    dbi (0.4.5)
      deprecated (= 2.0.1)
    deprecated (2.0.1)
    domain_name (0.5.20170404)
      unf (>= 0.0.5, < 1.0.0)
    gserver (0.0.1)
    haml (5.0.4)
      temple (>= 0.8.0)
      tilt
    http-cookie (1.0.3)
      domain_name (~> 0.5)
    json (2.1.0)
    method_source (0.9.0)
    mime-types (3.1)
      mime-types-data (~> 3.2015)
    mime-types-data (3.2016.0521)
    mustermann (1.0.2)
    netrc (0.11.0)
    parslet (1.8.1)
    pg (1.0.0)
    pry (0.11.3)
      coderay (~> 1.1.0)
      method_source (~> 0.9.0)
    rack (2.0.8)
    rack-protection (2.0.3)
      rack
    rack-timeout (0.4.2)
    rest-client (2.0.2)
      http-cookie (>= 1.0.2, < 2.0)
      mime-types (>= 1.16, < 4.0)
      netrc (~> 0.8)
    sinatra (2.0.3)
      mustermann (~> 1.0)
      rack (~> 2.0)
      rack-protection (= 2.0.3)
      tilt (~> 2.0)
    sqlite3 (1.3.13)
    temple (0.8.0)
    tilt (2.0.8)
    unf (0.1.4)
      unf_ext
    unf_ext (0.0.7.4)

PLATFORMS
  ruby

DEPENDENCIES
  dbd-pg
  dbi
  gserver
  haml
  json
  parslet
  pry
  rack (~> 2.0.8)
  rack-timeout
  re2!
  rest-client
  sinatra
  sqlite3

BUNDLED WITH
   1.17.1
